GIT
  remote: git@github.com:connamara/fix_spec.git
  revision: 12fa2d51e0e4ed9d820545ae0876ce1f05d8066b
  ref: 12fa2d51e0e4ed9d820545ae0876ce1f05d8066b
  specs:
    fix_spec (0.2.1)
      cuke_mem (~> 0.1.1)
      json_spec (~> 1.1.1)
      quickfix-jruby (~> 1.5.3)

GEM
  remote: https://rubygems.org/
  specs:
    agent_fix (0.1.1)
      anticipate
      cucumber (~> 1.3)
      fix_spec (~> 0.1)
      quickfix-jruby (~> 1.5.4)
    anticipate (0.1.1)
    builder (3.2.2)
    cucumber (1.3.9)
      builder (>= 2.1.2)
      diff-lcs (>= 1.1.3)
      gherkin (~> 2.12)
      multi_json (>= 1.7.5, < 2.0)
      multi_test (>= 0.0.2)
    cuke_mem (0.1.1)
      cucumber (~> 1.3)
    diff-lcs (1.2.5)
    ffi (1.9.3-java)
    gherkin (2.12.2-java)
      multi_json (~> 1.3)
    json_spec (1.1.1)
      multi_json (~> 1.0)
      rspec (~> 2.0)
    multi_json (1.8.2)
    multi_test (0.0.2)
    quickfix-jruby (1.5.4-java)
    rspec (2.14.1)
      rspec-core (~> 2.14.0)
      rspec-expectations (~> 2.14.0)
      rspec-mocks (~> 2.14.0)
    rspec-core (2.14.7)
    rspec-expectations (2.14.4)
      diff-lcs (>= 1.1.3, < 2.0)
    rspec-mocks (2.14.4)
    spoon (0.0.4)
      ffi

PLATFORMS
  java

DEPENDENCIES
  agent_fix
  fix_spec!
  spoon
